PATH
  remote: .
  specs:
    ranglia (0.1.0)
      daemons
      gmetric

GEM
  remote: http://rubygems.org/
  specs:
    daemons (1.1.4)
    diff-lcs (1.1.3)
    gmetric (0.1.3)
    rake (0.8.7)
    rspec (2.7.0)
      rspec-core (~> 2.7.0)
      rspec-expectations (~> 2.7.0)
      rspec-mocks (~> 2.7.0)
    rspec-core (2.7.1)
    rspec-expectations (2.7.0)
      diff-lcs (~> 1.1.2)
    rspec-mocks (2.7.0)

PLATFORMS
  ruby

DEPENDENCIES
  daemons
  gmetric
  rake
  ranglia!
  rspec
